GEM
  remote: https://rubygems.org/
  specs:
    TrelloCycleTime (1.0.10)
      peach
      ruby-trello
      trello-factory
    activemodel (4.0.13)
      activesupport (= 4.0.13)
      builder (~> 3.1.0)
    activesupport (4.0.13)
      i18n (~> 0.6, >= 0.6.9)
      minitest (~> 4.2)
      multi_json (~> 1.3)
      thread_safe (~> 0.1)
      tzinfo (~> 0.3.37)
    addressable (2.3.8)
    bson (1.12.1)
    builder (3.1.4)
    diff-lcs (1.2.5)
    git_repository (0.0.11)
    i18n (0.7.0)
    json (1.8.2)
    mime-types (2.5)
    minitest (4.7.5)
    mongo (1.12.1)
      bson (= 1.12.1)
    multi_json (1.11.0)
    netrc (0.10.3)
    oauth (0.4.7)
    peach (0.5.1)
    rest-client (1.7.3)
      mime-types (>= 1.16, < 3.0)
      netrc (~> 0.7)
    rspec-expectations (3.2.1)
      diff-lcs (>= 1.2.0, < 2.0)
      rspec-support (~> 3.2.0)
    rspec-support (3.2.2)
    ruby-trello (1.2.1)
      activemodel (>= 3.2.0)
      addressable (~> 2.3)
      json
      oauth (~> 0.4.5)
      rest-client (~> 1.7.2)
    thread_safe (0.3.5)
    trello-factory (1.0.0)
      peach
      ruby-trello
    tzinfo (0.3.44)

PLATFORMS
  ruby

DEPENDENCIES
  TrelloCycleTime
  git_repository
  json
  minitest (~> 4.0)
  mongo (~> 1.12.0)
  peach
  rspec-expectations
